GEM
  remote: https://rubygems.org/
  specs:
    awesome_print (1.6.1)
    colorize (0.7.5)
    excon (0.44.4)
    json (1.8.2)
    mandrill-api (1.0.53)
      excon (>= 0.16.0, < 1.0)
      json (>= 1.7.7, < 2.0)
    xmlstats (1.6.1)

PLATFORMS
  ruby

DEPENDENCIES
  awesome_print
  colorize
  json
  mandrill-api
  xmlstats
